GIT
  remote: https://github.com/celluloid/dcell.git
  revision: e8c4d3146e5cca9d59da59ba8e48cb9e476a84d4
  branch: master
  specs:
    dcell (0.11.0)
      celluloid (~> 0.12.0)
      celluloid-zmq (~> 0.12.0)
      moneta
      redis
      redis-namespace
      reel

PATH
  remote: .
  specs:
    barking-dog (0.0.1)
      dcell

GEM
  remote: http://rubygems.org/
  specs:
    celluloid (0.12.2)
      facter (>= 1.6.12)
      timers (>= 1.0.0)
    celluloid-io (0.12.0)
      celluloid (~> 0.12.0)
      nio4r (>= 0.4.0)
    celluloid-zmq (0.12.0)
      celluloid (~> 0.12.0)
      celluloid-io (~> 0.12.0)
      ffi
      ffi-rzmq
    certified (0.1.1)
    diff-lcs (1.1.3)
    facter (1.6.13)
    ffi (1.1.5)
    ffi (1.1.5-java)
    ffi-rzmq (0.9.6)
      ffi
    http (0.4.0)
      certified
      http_parser.rb
    http_parser.rb (0.5.3)
    http_parser.rb (0.5.3-java)
    moneta (0.6.0)
    nio4r (0.4.0)
    nio4r (0.4.0-java)
    rack (1.4.1)
    redis (3.0.2)
    redis-namespace (1.2.1)
      redis (~> 3.0.0)
    reel (0.2.0)
      celluloid-io (>= 0.8.0)
      http (>= 0.2.0)
      http_parser.rb (>= 0.5.3)
      rack (>= 1.4.0)
      websocket_parser (>= 0.1.0)
    rspec (2.11.0)
      rspec-core (~> 2.11.0)
      rspec-expectations (~> 2.11.0)
      rspec-mocks (~> 2.11.0)
    rspec-core (2.11.1)
    rspec-expectations (2.11.3)
      diff-lcs (~> 1.1.3)
    rspec-mocks (2.11.3)
    timers (1.0.1)
    websocket_parser (0.1.0)
      http

PLATFORMS
  java
  ruby

DEPENDENCIES
  barking-dog!
  bundler (>= 1.0.0.rc.5)
  dcell!
  rspec (~> 2.11.0)
