PATH
  remote: .
  specs:
    barking-dog (0.0.1)
      celluloid
      celluloid-zmq

GEM
  remote: http://rubygems.org/
  specs:
    celluloid (0.12.2)
      facter (>= 1.6.12)
      timers (>= 1.0.0)
    celluloid-io (0.12.0)
      celluloid (~> 0.12.0)
      nio4r (>= 0.4.0)
    celluloid-zmq (0.12.0)
      celluloid (~> 0.12.0)
      celluloid-io (~> 0.12.0)
      ffi
      ffi-rzmq
    diff-lcs (1.1.3)
    facter (1.6.13)
    ffi (1.1.5)
    ffi-rzmq (0.9.6)
      ffi
    nio4r (0.4.0)
    rspec (2.11.0)
      rspec-core (~> 2.11.0)
      rspec-expectations (~> 2.11.0)
      rspec-mocks (~> 2.11.0)
    rspec-core (2.11.1)
    rspec-expectations (2.11.3)
      diff-lcs (~> 1.1.3)
    rspec-mocks (2.11.3)
    timers (1.0.1)

PLATFORMS
  java
  ruby

DEPENDENCIES
  barking-dog!
  bundler (>= 1.0.0.rc.5)
  rspec (~> 2.11.0)
