PATH
  remote: .
  specs:
    barking-dog (0.0.1)
      active_support
      celluloid (>= 0.12.4)
      celluloid-zmq
      hashie

GEM
  remote: http://rubygems.org/
  specs:
    active_support (3.0.0)
      activesupport (= 3.0.0)
    activesupport (3.0.0)
    celluloid (0.12.4)
      facter (>= 1.6.12)
      timers (>= 1.0.0)
    celluloid-io (0.12.0)
      celluloid (~> 0.12.0)
      nio4r (>= 0.4.0)
    celluloid-zmq (0.12.0)
      celluloid (~> 0.12.0)
      celluloid-io (~> 0.12.0)
      ffi
      ffi-rzmq
    columnize (0.3.6)
    debugger (1.2.1)
      columnize (>= 0.3.1)
      debugger-linecache (~> 1.1.1)
      debugger-ruby_core_source (~> 1.1.4)
    debugger-linecache (1.1.2)
      debugger-ruby_core_source (>= 1.1.1)
    debugger-ruby_core_source (1.1.4)
    diff-lcs (1.1.3)
    facter (1.6.16)
    ffi (1.2.0)
    ffi (1.2.0-java)
    ffi-rzmq (0.9.6)
      ffi
    hashie (1.2.0)
    nio4r (0.4.3)
    nio4r (0.4.3-java)
    rspec (2.11.0)
      rspec-core (~> 2.11.0)
      rspec-expectations (~> 2.11.0)
      rspec-mocks (~> 2.11.0)
    rspec-core (2.11.1)
    rspec-expectations (2.11.3)
      diff-lcs (~> 1.1.3)
    rspec-mocks (2.11.3)
    timers (1.0.1)

PLATFORMS
  java
  ruby

DEPENDENCIES
  barking-dog!
  bundler (>= 1.0.0.rc.5)
  debugger
  rspec (> 2.0.0)
