PATH
  remote: .
  specs:
    barking-dog (0.0.1)
      active_support
      celluloid (>= 0.12.4)
      celluloid-zmq
      hashie
      i18n

GEM
  remote: http://rubygems.org/
  specs:
    active_support (3.0.0)
      activesupport (= 3.0.0)
    activesupport (3.0.0)
    celluloid (0.12.4)
      facter (>= 1.6.12)
      timers (>= 1.0.0)
    celluloid-io (0.12.1)
      celluloid (~> 0.12.0)
      nio4r (>= 0.4.0)
    celluloid-zmq (0.12.0)
      celluloid (~> 0.12.0)
      celluloid-io (~> 0.12.0)
      ffi
      ffi-rzmq
    coderay (1.0.8)
    diff-lcs (1.1.3)
    facter (1.6.16)
    ffi (1.2.0)
    ffi (1.2.0-java)
    ffi-rzmq (0.9.6)
      ffi
    guard (1.5.4)
      listen (>= 0.4.2)
      lumberjack (>= 1.0.2)
      pry (>= 0.9.10)
      thor (>= 0.14.6)
    guard-rspec (2.3.1)
      guard (>= 1.1)
      rspec (~> 2.11)
    hashie (1.2.0)
    i18n (0.6.1)
    listen (0.6.0)
    lumberjack (1.0.2)
    method_source (0.8.1)
    nio4r (0.4.3)
    nio4r (0.4.3-java)
    pry (0.9.10)
      coderay (~> 1.0.5)
      method_source (~> 0.8)
      slop (~> 3.3.1)
    pry (0.9.10-java)
      coderay (~> 1.0.5)
      method_source (~> 0.8)
      slop (~> 3.3.1)
      spoon (~> 0.0)
    rb-fsevent (0.9.2)
    rspec (2.12.0)
      rspec-core (~> 2.12.0)
      rspec-expectations (~> 2.12.0)
      rspec-mocks (~> 2.12.0)
    rspec-core (2.12.1)
    rspec-expectations (2.12.0)
      diff-lcs (~> 1.1.3)
    rspec-mocks (2.12.0)
    slop (3.3.3)
    spoon (0.0.1)
    thor (0.16.0)
    timers (1.0.2)

PLATFORMS
  java
  ruby

DEPENDENCIES
  barking-dog!
  bundler (>= 1.0.0.rc.5)
  guard-rspec
  rb-fsevent (~> 0.9.1)
  rspec (> 2.0.0)
