PATH
  remote: .
  specs:
    barking-dog (0.01)

GEM
  remote: http://rubygems.org/
  specs:

PLATFORMS
  java

DEPENDENCIES
  barking-dog!
  bundler (>= 1.0.0.rc.5)
